GEM
  remote: https://rubygems.org/
  specs:
    connection_pool (2.2.2)
    rack (2.0.7)
    rack-protection (2.0.5)
      rack
    redis (4.1.1)
    sidekiq (5.2.7)
      connection_pool (~> 2.2, >= 2.2.2)
      rack (>= 1.5.0)
      rack-protection (>= 1.5.0)
      redis (>= 3.3.5, < 5)
    sidekiq-prometheus-exporter (0.1.11)
      sidekiq (>= 3.3.1)

PLATFORMS
  ruby

DEPENDENCIES
  sidekiq-prometheus-exporter (~> 0.1.11)

BUNDLED WITH
   2.0.1
