GEM
  remote: https://rubygems.org/
  specs:
    connection_pool (2.2.5)
    rack (2.2.3)
    redis (4.5.1)
    sidekiq (6.4.0)
      connection_pool (>= 2.2.2)
      rack (~> 2.0)
      redis (>= 4.2.0)
    sidekiq-prometheus-exporter (0.1.11)
      sidekiq (>= 3.3.1)

PLATFORMS
  ruby

DEPENDENCIES
  sidekiq-prometheus-exporter (~> 0.1.11)

BUNDLED WITH
   2.0.1
